GEM
  remote: https://rubygems.org/
  specs:
    ffi (1.12.2)
    flt (1.5.2)
    kramdown (2.3.1)
      rexml
    listen (3.2.1)
      rb-fsevent (~> 0.10, >= 0.10.3)
      rb-inotify (~> 0.9, >= 0.9.10)
    nio (0.2.5)
      flt (>= 1.0.0)
    raster (0.2.3)
    rb-fsevent (0.10.3)
    rb-inotify (0.10.1)
      ffi (~> 1.0)
    repla (0.10.4)
    rexml (3.2.4)

PLATFORMS
  ruby

DEPENDENCIES
  kramdown
  listen
  nio
  raster
  repla

RUBY VERSION
   ruby 2.4.1p111

BUNDLED WITH
   2.0.2
